GEM
  remote: https://rubygems.org/
  specs:
    nomorebeer (1.1)

PLATFORMS
  ruby

DEPENDENCIES
  nomorebeer

BUNDLED WITH
   1.11.2
