GEM
  remote: https://rubygems.org/
  specs:
    nomorebeer (1.1.1)

PLATFORMS
  ruby

DEPENDENCIES
  nomorebeer (~> 1, >= 1.1.1)

BUNDLED WITH
   1.11.2
